GEM
  remote: https://rubygems.org/
  specs:
    concurrent-ruby (1.1.9)
    hanami-controller (1.3.3)
      hanami-utils (~> 1.3)
      rack (~> 2.0)
    hanami-router (1.3.2)
      hanami-utils (~> 1.3)
      http_router (= 0.11.2)
      rack (~> 2.0)
    hanami-utils (1.3.8)
      concurrent-ruby (~> 1.0)
      transproc (~> 1.0)
    http_router (0.11.2)
      rack (>= 1.0.0)
      url_mount (~> 0.2.1)
    io-wait (0.1.0)
    json (2.5.1)
    net-protocol (0.1.1)
      io-wait
      timeout
    net-smtp (0.2.1)
      net-protocol
    pg (1.2.3-x64-mingw32)
    rack (2.2.3)
    rack-console (1.3.1)
      rack (>= 1.1)
      rack-test
    rack-cors (1.1.1)
      rack (>= 2.0.0)
    rack-test (1.1.0)
      rack (>= 1.0, < 3)
    ruby_http_client (3.5.2)
    sendgrid-ruby (6.4.0)
      ruby_http_client (~> 3.4)
    sequel (5.45.0)
    timeout (0.1.1)
    transproc (1.1.1)
    url_mount (0.2.1)
      rack

PLATFORMS
  x64-mingw32

DEPENDENCIES
  hanami-controller
  hanami-router
  json
  net-smtp
  pg
  rack
  rack-console
  rack-cors
  sendgrid-ruby
  sequel

BUNDLED WITH
   2.2.19
